GEM
  remote: https://rubygems.org/
  specs:
    chunky_png (1.3.1)
    compass (1.0.1)
      chunky_png (~> 1.2)
      compass-core (~> 1.0.1)
      compass-import-once (~> 1.0.5)
      rb-fsevent (>= 0.9.3)
      rb-inotify (>= 0.9)
      sass (>= 3.3.13, < 3.5)
    compass-core (1.0.1)
      multi_json (~> 1.0)
      sass (>= 3.3.0, < 3.5)
    compass-import-once (1.0.5)
      sass (>= 3.2, < 3.5)
    exifr (1.1.3)
    ffi (1.9.3)
    fspath (2.1.0)
    image_optim (0.16.0)
      exifr (~> 1.1, >= 1.1.3)
      fspath (~> 2.1)
      image_size (~> 1.3)
      in_threads (~> 1.2, >= 1.2.2)
      progress (~> 3.0, >= 3.0.1)
    image_size (1.3.1)
    in_threads (1.2.2)
    multi_json (1.10.1)
    progress (3.0.1)
    rb-fsevent (0.9.4)
    rb-inotify (0.9.5)
      ffi (>= 0.5.0)
    sass (3.4.4)

PLATFORMS
  ruby

DEPENDENCIES
  compass (~> 1.0)
  image_optim (~> 0.16)
